PATH
  remote: .
  specs:
    gumath (0.0.1)

PATH
  remote: /home/sameer/gitrepos/plures-ruby/ndtypes
  specs:
    ndtypes (0.0.1.rc1)

PATH
  remote: /home/sameer/gitrepos/plures-ruby/xnd
  specs:
    xnd (0.0.1.rc1)

GEM
  remote: https://rubygems.org/
  specs:
    byebug (10.0.2)
    coderay (1.1.2)
    method_source (0.9.0)
    minitest (5.11.3)
    pry (0.11.3)
      coderay (~> 1.1.0)
      method_source (~> 0.9.0)
    pry-byebug (3.6.0)
      byebug (~> 10.0)
      pry (~> 0.10)
    rake (12.3.1)
    rake-compiler (1.0.5)
      rake

PLATFORMS
  ruby

DEPENDENCIES
  gumath!
  minitest (~> 5.11)
  ndtypes!
  pry
  pry-byebug
  rake-compiler
  xnd!

BUNDLED WITH
   1.16.2
